PATH
  remote: .
  specs:
    qrtrx (0.1.0)
      mimemagic (~> 0.3)
      rqrcode (~> 0.10)

GEM
  remote: https://rubygems.org/
  specs:
    chunky_png (1.3.10)
    coderay (1.1.2)
    diff-lcs (1.3)
    method_source (0.9.0)
    mimemagic (0.3.2)
    pry (0.11.3)
      coderay (~> 1.1.0)
      method_source (~> 0.9.0)
    rake (10.5.0)
    rqrcode (0.10.1)
      chunky_png (~> 1.0)
    rspec (3.7.0)
      rspec-core (~> 3.7.0)
      rspec-expectations (~> 3.7.0)
      rspec-mocks (~> 3.7.0)
    rspec-core (3.7.1)
      rspec-support (~> 3.7.0)
    rspec-expectations (3.7.0)
      diff-lcs (>= 1.2.0, < 2.0)
      rspec-support (~> 3.7.0)
    rspec-mocks (3.7.0)
      diff-lcs (>= 1.2.0, < 2.0)
      rspec-support (~> 3.7.0)
    rspec-support (3.7.1)

PLATFORMS
  ruby

DEPENDENCIES
  bundler (~> 1.16)
  pry
  qrtrx!
  rake (~> 10.0)
  rspec (~> 3.0)

BUNDLED WITH
   1.16.1
